GEM
  specs:
    base64 (0.1.1)
    faraday (2.7.11)
      base64
      faraday-net_http (>= 2.0, < 3.1)
      ruby2_keywords (>= 0.0.4)
    faraday-net_http (3.0.2)
    rack (2.2.8)
    ruby2_keywords (0.0.5)
    webrick (1.8.1)
    zstd-ruby (1.5.5.0)

PLATFORMS
  x86_64-linux

DEPENDENCIES
  faraday
  rack
  webrick
  zstd-ruby

BUNDLED WITH
   2.3.7
